PATH
  remote: .
  specs:
    cloud_encrypted_sync (0.0.1)
      aws-sdk (~> 1.4.1)

GEM
  remote: http://rubygems.org/
  specs:
    activesupport (3.2.3)
      i18n (~> 0.6)
      multi_json (~> 1.0)
    aws-sdk (1.4.1)
      httparty (~> 0.7)
      json (~> 1.4)
      nokogiri (>= 1.4.4)
      uuidtools (~> 2.1)
    fakefs (0.4.0)
    httparty (0.8.3)
      multi_json (~> 1.0)
      multi_xml
    i18n (0.6.0)
    json (1.7.3)
    metaclass (0.0.1)
    mocha (0.11.4)
      metaclass (~> 0.0.1)
    multi_json (1.3.4)
    multi_xml (0.4.4)
    nokogiri (1.5.2)
    simplecov (0.6.4)
      multi_json (~> 1.0)
      simplecov-html (~> 0.5.3)
    simplecov-html (0.5.3)
    uuidtools (2.1.2)

PLATFORMS
  ruby

DEPENDENCIES
  activesupport
  cloud_encrypted_sync!
  fakefs
  mocha
  simplecov
