GEM
  remote: http://rubygems.org/
  specs:
    aws-sdk (1.4.1)
      httparty (~> 0.7)
      json (~> 1.4)
      nokogiri (>= 1.4.4)
      uuidtools (~> 2.1)
    httparty (0.8.3)
      multi_json (~> 1.0)
      multi_xml
    json (1.7.0)
    multi_json (1.3.4)
    multi_xml (0.4.4)
    nokogiri (1.5.2)
    uuidtools (2.1.2)

PLATFORMS
  ruby

DEPENDENCIES
  aws-sdk
